PATH
  remote: ..
  specs:
    shatter-rb (0.0.2)
      concurrent-ruby (~> 1.1)
      erb (~> 2.2.0)
      puma (~> 6.0)
      rack (~> 3.0)
      rack-cors (~> 1.1)
      thor (~> 1.2.1)
      zeitwerk
      zk (~> 1.10)
      zookeeper (~> 1.5.4)

GEM
  remote: https://rubygems.org/
  specs:
    cgi (0.3.6)
    concurrent-ruby (1.1.10)
    erb (2.2.3)
      cgi
    foreman (0.87.2)
    nio4r (2.5.8)
    puma (6.0.2)
      nio4r (~> 2.0)
    rack (3.0.3)
    rack-cors (1.1.1)
      rack (>= 2.0.0)
    thor (1.2.1)
    zeitwerk (2.6.6)
    zk (1.10.0)
      zookeeper (~> 1.5.0)
    zookeeper (1.5.5)

PLATFORMS
  x86_64-linux

DEPENDENCIES
  foreman (~> 0.87.2)
  shatter-rb!

BUNDLED WITH
   2.4.1
