GIT
  remote: https://github.com/EricRoos/zookeeper.git
  revision: e024228fc1c3c22cd3b0854ff15ad0d53a98c4ae
  specs:
    zookeeper (1.5.4)

PATH
  remote: ..
  specs:
    shatter (0.1.0)
      concurrent-ruby (~> 1.1)
      erb (~> 2.2.0)
      pg (~> 1.4)
      puma (~> 6.0)
      rack (~> 3.0)
      rackup (~> 0.2.3)
      thor (~> 1.2.1)
      zk (~> 1.10)

GEM
  remote: https://rubygems.org/
  specs:
    cgi (0.3.6)
    concurrent-ruby (1.1.10)
    erb (2.2.3)
      cgi
    foreman (0.87.2)
    nio4r (2.5.8)
    pg (1.4.5)
    puma (6.0.2)
      nio4r (~> 2.0)
    rack (3.0.3)
    rackup (0.2.3)
      rack (>= 3.0.0.beta1)
      webrick
    thor (1.2.1)
    webrick (1.7.0)
    zk (1.10.0)
      zookeeper (~> 1.5.0)

PLATFORMS
  x86_64-linux

DEPENDENCIES
  foreman (~> 0.87.2)
  shatter!
  zookeeper (~> 1.5.4)!

BUNDLED WITH
   2.4.1
